GIT
  remote: git://github.com/collectiveidea/awesome_nested_set.git
  revision: af3ef8de092050059bb7b29dd5aea3ddde3e31e9
  branch: master
  specs:
    awesome_nested_set (3.0.0.rc.2)
      activerecord (~> 4.0.0)

GIT
  remote: git://github.com/globalize/globalize.git
  revision: 7bd6f51b53c10d16699865b72f2b2ce2aaa04f6b
  branch: master
  specs:
    globalize (4.0.0.alpha.2)
      activemodel (>= 4.0.0)
      activerecord (>= 4.0.0)
      paper_trail (~> 3.0.0.beta)

GIT
  remote: git://github.com/keram-refinery/refinerycms-clientside.git
  revision: 26bdf79282b474c207a0e57d4d4824f231534aee
  branch: master
  specs:
    refinerycms-clientside (0.0.1)
      jquery-ui-rails (~> 4.1.0)

GIT
  remote: git://github.com/keram-refinery/refinerycms-i18n.git
  revision: 0300b9a0c232cf1b3732d7bf62ade778a34b0796
  branch: refinery_light
  specs:
    refinerycms-i18n (2.718.0.dev)
      i18n-iso639matrix (~> 0.0.1)
      rails-i18n (~> 0.7.4)
      routing-filter (~> 0.4.0.pre)

GIT
  remote: git://github.com/keram-refinery/refinerycms.git
  revision: d86e3b67e3ae1ea0a37287cd6ac16853d82125a8
  branch: refinery_light
  specs:
    refinerycms (2.718.0.dev)
      bundler (>= 1.2.2, < 2.0)
      refinerycms-authentication (= 2.718.0.dev)
      refinerycms-core (= 2.718.0.dev)
      refinerycms-dashboard (= 2.718.0.dev)
      refinerycms-images (= 2.718.0.dev)
      refinerycms-pages (= 2.718.0.dev)
      refinerycms-resources (= 2.718.0.dev)
    refinerycms-authentication (2.718.0.dev)
      actionmailer (~> 4.0.0)
      devise (~> 3.2.2)
      refinerycms-core (= 2.718.0.dev)
    refinerycms-core (2.718.0.dev)
      actionpack (~> 4.0.0)
      activerecord (~> 4.0.0)
      awesome_nested_set (~> 3.0.0.rc.2)
      decorators (~> 1.0.3)
      i18n-iso639matrix (~> 0.0.1)
      jquery-rails (~> 3.0.4)
      railties (~> 4.0.0)
      refinerycms-i18n (~> 2.718.0.dev)
      sass-rails (~> 4.0.1)
      truncate_html (~> 0.9)
      will_paginate (~> 3.0.5)
    refinerycms-dashboard (2.718.0.dev)
      refinerycms-core (= 2.718.0.dev)
    refinerycms-images (2.718.0.dev)
      dragonfly (~> 0.9.15)
      refinerycms-core (= 2.718.0.dev)
    refinerycms-pages (2.718.0.dev)
      awesome_nested_set (~> 3.0.0.rc.2)
      babosa (~> 0.3.10)
      friendly_id (~> 5.0.0)
      globalize (~> 4.0.0.alpha.1)
      refinerycms-core (= 2.718.0.dev)
      seo_meta (~> 1.4.0)
    refinerycms-resources (2.718.0.dev)
      dragonfly (~> 0.9.15)
      refinerycms-core (= 2.718.0.dev)

GIT
  remote: git://github.com/keram-refinery/seo_meta.git
  revision: 3ac9c0192226fadbe607578442cd8dab00d7b092
  branch: rails4
  specs:
    seo_meta (1.4.0)
      railties (>= 3.0.0)

GIT
  remote: git://github.com/keram/i18n-iso639matrix.git
  revision: b2b716b72ca7ba310039077b45b32b44382aa0c0
  branch: master
  specs:
    i18n-iso639matrix (0.0.1)
      i18n

GIT
  remote: git://github.com/keram/refinerycms-links.git
  revision: d12977e4593f227d3eed2595ea18c5fe985afb12
  branch: master
  specs:
    refinerycms-links (0.0.1)
      refinerycms-core (~> 2.718.0.dev)

GIT
  remote: git://github.com/keram/refinerycms-tinymce.git
  revision: 778f45d1775b231fb66b41dc6041d43c5ddfb8a2
  branch: master
  specs:
    refinerycms-tinymce (0.0.1)
      refinerycms-core (~> 2.718.0.dev)

GIT
  remote: git://github.com/norman/friendly_id-globalize.git
  revision: d0c4cf94e97311db7acb9858515adf501d160306
  branch: master
  specs:
    friendly_id-globalize (1.0.0.alpha1)
      friendly_id (>= 5.0.0.beta4, < 6.0)

GIT
  remote: git://github.com/norman/friendly_id.git
  revision: 2764077e3af32a88114d68c75e20ef738e4fa829
  branch: master
  specs:
    friendly_id (5.0.0)
      activerecord (~> 4.0.0)

GIT
  remote: git://github.com/svenfuchs/routing-filter.git
  revision: d6378d0dedf10106501974216f36908182211cc1
  branch: master
  specs:
    routing-filter (0.4.0.pre)
      actionpack

GEM
  remote: https://rubygems.org/
  specs:
    actionmailer (4.0.2)
      actionpack (= 4.0.2)
      mail (~> 2.5.4)
    actionpack (4.0.2)
      activesupport (= 4.0.2)
      builder (~> 3.1.0)
      erubis (~> 2.7.0)
      rack (~> 1.5.2)
      rack-test (~> 0.6.2)
    activemodel (4.0.2)
      activesupport (= 4.0.2)
      builder (~> 3.1.0)
    activerecord (4.0.2)
      activemodel (= 4.0.2)
      activerecord-deprecated_finders (~> 1.0.2)
      activesupport (= 4.0.2)
      arel (~> 4.0.0)
    activerecord-deprecated_finders (1.0.3)
    activesupport (4.0.2)
      i18n (~> 0.6, >= 0.6.4)
      minitest (~> 4.2)
      multi_json (~> 1.3)
      thread_safe (~> 0.1)
      tzinfo (~> 0.3.37)
    arel (4.0.1)
    atomic (1.1.14)
    babosa (0.3.11)
    bcrypt-ruby (3.1.2)
    builder (3.1.4)
    coffee-rails (4.0.1)
      coffee-script (>= 2.2.0)
      railties (>= 4.0.0, < 5.0)
    coffee-script (2.2.0)
      coffee-script-source
      execjs
    coffee-script-source (1.6.3)
    decorators (1.0.3)
      railties (>= 3.0.19, != 3.2.9, != 3.2.8, != 3.2.7, != 3.2.6, != 3.2.5, != 3.2.4, != 3.2.3, != 3.2.2, != 3.2.10, != 3.2.1, != 3.2.0, != 3.1.9, != 3.1.8, != 3.1.7, != 3.1.6, != 3.1.5, != 3.1.4, != 3.1.3, != 3.1.2, != 3.1.1, != 3.1.0)
    devise (3.2.2)
      bcrypt-ruby (~> 3.0)
      orm_adapter (~> 0.1)
      railties (>= 3.2.6, < 5)
      thread_safe (~> 0.1)
      warden (~> 1.2.3)
    dragonfly (0.9.15)
      multi_json (~> 1.0)
      rack
    erubis (2.7.0)
    execjs (2.0.2)
    hike (1.2.3)
    i18n (0.6.9)
    jbuilder (1.5.3)
      activesupport (>= 3.0.0)
      multi_json (>= 1.2.0)
    jquery-rails (3.0.4)
      railties (>= 3.0, < 5.0)
      thor (>= 0.14, < 2.0)
    jquery-ui-rails (4.1.0)
      railties (>= 3.1.0)
    json (1.8.1)
    mail (2.5.4)
      mime-types (~> 1.16)
      treetop (~> 1.4.8)
    mime-types (1.25.1)
    minitest (4.7.5)
    multi_json (1.8.2)
    orm_adapter (0.5.0)
    paper_trail (3.0.0.rc2)
      activerecord (>= 3.0, < 5.0)
      activesupport (>= 3.0, < 5.0)
    pg (0.17.0)
    polyglot (0.3.3)
    rack (1.5.2)
    rack-test (0.6.2)
      rack (>= 1.0)
    rails (4.0.2)
      actionmailer (= 4.0.2)
      actionpack (= 4.0.2)
      activerecord (= 4.0.2)
      activesupport (= 4.0.2)
      bundler (>= 1.3.0, < 2.0)
      railties (= 4.0.2)
      sprockets-rails (~> 2.0.0)
    rails-i18n (0.7.4)
      i18n (~> 0.5)
    railties (4.0.2)
      actionpack (= 4.0.2)
      activesupport (= 4.0.2)
      rake (>= 0.8.7)
      thor (>= 0.18.1, < 2.0)
    rake (10.1.0)
    rdoc (3.12.2)
      json (~> 1.4)
    sass (3.2.12)
    sass-rails (4.0.1)
      railties (>= 4.0.0, < 5.0)
      sass (>= 3.1.10)
      sprockets-rails (~> 2.0.0)
    sdoc (0.3.20)
      json (>= 1.1.3)
      rdoc (~> 3.10)
    sprockets (2.10.1)
      hike (~> 1.2)
      multi_json (~> 1.0)
      rack (~> 1.0)
      tilt (~> 1.1, != 1.3.0)
    sprockets-rails (2.0.1)
      actionpack (>= 3.0)
      activesupport (>= 3.0)
      sprockets (~> 2.8)
    thor (0.18.1)
    thread_safe (0.1.3)
      atomic
    tilt (1.4.1)
    treetop (1.4.15)
      polyglot
      polyglot (>= 0.3.1)
    truncate_html (0.9.2)
    turbolinks (2.0.0)
      coffee-rails
    tzinfo (0.3.38)
    uglifier (2.3.2)
      execjs (>= 0.3.0)
      json (>= 1.8.0)
    warden (1.2.3)
      rack (>= 1.0)
    will_paginate (3.0.5)

PLATFORMS
  ruby

DEPENDENCIES
  awesome_nested_set!
  coffee-rails (~> 4.0.0)
  devise
  friendly_id!
  friendly_id-globalize!
  globalize!
  i18n-iso639matrix (~> 0.0.1)!
  jbuilder (~> 1.5)
  jquery-rails
  pg
  rails (~> 4.0.1)
  refinerycms (~> 2.718.0.dev)!
  refinerycms-clientside (~> 0.0.1)!
  refinerycms-i18n (~> 2.718.0.dev)!
  refinerycms-links (~> 0.0.1)!
  refinerycms-tinymce!
  routing-filter!
  sass-rails (~> 4.0.0)
  sdoc
  seo_meta!
  turbolinks
  uglifier (>= 1.3.0)
