GIT
  remote: git://github.com/svenfuchs/routing-filter.git
  revision: 981cc1f856267a354b3dcd9b950d38e0fd55f1be
  branch: master
  specs:
    routing-filter (0.3.1)
      actionpack

GIT
  remote: https://github.com/FriendlyId/friendly_id.git
  revision: c49ce30ff2b370669ccf1708e99fb08ab51435d9
  branch: rails4
  specs:
    friendly_id (4.1.0.beta.2)

GIT
  remote: https://github.com/keram-refinery/globalize3.git
  revision: f9a2900e0094683e233efc27b1b78b1c50ba81d6
  branch: rails4
  specs:
    globalize3 (0.3.0)
      activemodel (>= 4.0.0)
      activerecord (>= 4.0.0)

GIT
  remote: https://github.com/keram-refinery/refinerycms-i18n.git
  revision: 121f2aa27418ed92265c1ca6fe6dd48a2f8ed88d
  branch: refinery_light
  specs:
    refinerycms-i18n (3.0.0.dev)
      rails-i18n (~> 0.7.3)
      routing-filter (~> 0.3.1)

GIT
  remote: https://github.com/keram-refinery/refinerycms-settings.git
  revision: 8a1b64ed69d7efa33438558e184b94f52c675fc3
  branch: refinery_light
  specs:
    refinerycms-settings (3.0.0.dev)

GIT
  remote: https://github.com/keram-refinery/refinerycms.git
  revision: 243ac036da98412c916bf41847475659d55b6fd9
  branch: refinery_light
  specs:
    refinerycms (3.0.0.dev)
      bundler (>= 1.2.2, < 2.0)
      refinerycms-authentication (= 3.0.0.dev)
      refinerycms-core (= 3.0.0.dev)
      refinerycms-dashboard (= 3.0.0.dev)
      refinerycms-images (= 3.0.0.dev)
      refinerycms-pages (= 3.0.0.dev)
      refinerycms-resources (= 3.0.0.dev)
    refinerycms-authentication (3.0.0.dev)
      actionmailer (~> 4.0.0)
      devise (~> 3.0.0.rc)
      refinerycms-core (= 3.0.0.dev)
    refinerycms-core (3.0.0.dev)
      actionpack (~> 4.0.0)
      activerecord (~> 4.0.0)
      awesome_nested_set (~> 2.1.6)
      decorators (~> 1.0.3)
      jquery-rails (~> 3.0.2)
      railties (~> 4.0.0)
      refinerycms-i18n (~> 3.0.0.dev)
      sass-rails (~> 4.0.0)
      truncate_html (~> 0.9)
      will_paginate (~> 3.0.4)
    refinerycms-dashboard (3.0.0.dev)
      refinerycms-core (= 3.0.0.dev)
    refinerycms-images (3.0.0.dev)
      dragonfly (~> 0.9.15)
      refinerycms-core (= 3.0.0.dev)
    refinerycms-pages (3.0.0.dev)
      awesome_nested_set (~> 2.1.6)
      babosa (~> 0.3.10)
      friendly_id (~> 4.1.0.beta.2)
      globalize3 (~> 0.3.0)
      refinerycms-core (= 3.0.0.dev)
      seo_meta (~> 1.4.0)
    refinerycms-resources (3.0.0.dev)
      dragonfly (~> 0.9.15)
      refinerycms-core (= 3.0.0.dev)

GIT
  remote: https://github.com/parndt/seo_meta.git
  revision: d44d809fb45e78a66fd8ae95b5b49a24a30a6c91
  branch: master
  specs:
    seo_meta (1.4.0)
      railties (>= 3.0.0)

GIT
  remote: https://github.com/rails/turbolinks.git
  revision: a5f4d7ce69b48f84c90d244e25a28030c3da7968
  branch: master
  specs:
    turbolinks (1.2.0)
      coffee-rails

GEM
  remote: https://rubygems.org/
  specs:
    actionmailer (4.0.0)
      actionpack (= 4.0.0)
      mail (~> 2.5.3)
    actionpack (4.0.0)
      activesupport (= 4.0.0)
      builder (~> 3.1.0)
      erubis (~> 2.7.0)
      rack (~> 1.5.2)
      rack-test (~> 0.6.2)
    activemodel (4.0.0)
      activesupport (= 4.0.0)
      builder (~> 3.1.0)
    activerecord (4.0.0)
      activemodel (= 4.0.0)
      activerecord-deprecated_finders (~> 1.0.2)
      activesupport (= 4.0.0)
      arel (~> 4.0.0)
    activerecord-deprecated_finders (1.0.3)
    activesupport (4.0.0)
      i18n (~> 0.6, >= 0.6.4)
      minitest (~> 4.2)
      multi_json (~> 1.3)
      thread_safe (~> 0.1)
      tzinfo (~> 0.3.37)
    arel (4.0.0)
    atomic (1.1.10)
    awesome_nested_set (2.1.6)
      activerecord (>= 3.0.0)
    babosa (0.3.11)
    bcrypt-ruby (3.1.0)
    builder (3.1.4)
    coffee-rails (4.0.0)
      coffee-script (>= 2.2.0)
      railties (>= 4.0.0.beta, < 5.0)
    coffee-script (2.2.0)
      coffee-script-source
      execjs
    coffee-script-source (1.6.3)
    decorators (1.0.3)
      railties (>= 3.0.19, != 3.2.9, != 3.2.8, != 3.2.7, != 3.2.6, != 3.2.5, != 3.2.4, != 3.2.3, != 3.2.2, != 3.2.10, != 3.2.1, != 3.2.0, != 3.1.9, != 3.1.8, != 3.1.7, != 3.1.6, != 3.1.5, != 3.1.4, != 3.1.3, != 3.1.2, != 3.1.1, != 3.1.0)
    devise (3.0.0.rc)
      bcrypt-ruby (~> 3.0)
      orm_adapter (~> 0.1)
      railties (>= 3.2.6, < 5)
      warden (~> 1.2.1)
    dragonfly (0.9.15)
      multi_json (~> 1.0)
      rack
    erubis (2.7.0)
    execjs (1.4.0)
      multi_json (~> 1.0)
    hike (1.2.3)
    i18n (0.6.4)
    jquery-rails (3.0.2)
      railties (>= 3.0, < 5.0)
      thor (>= 0.14, < 2.0)
    jquery-ui-rails (4.0.3)
      jquery-rails
      railties (>= 3.1.0)
    mail (2.5.4)
      mime-types (~> 1.16)
      treetop (~> 1.4.8)
    mime-types (1.23)
    minitest (4.7.5)
    multi_json (1.7.7)
    orm_adapter (0.4.0)
    pg (0.15.1)
    polyglot (0.3.3)
    rack (1.5.2)
    rack-test (0.6.2)
      rack (>= 1.0)
    rails (4.0.0)
      actionmailer (= 4.0.0)
      actionpack (= 4.0.0)
      activerecord (= 4.0.0)
      activesupport (= 4.0.0)
      bundler (>= 1.3.0, < 2.0)
      railties (= 4.0.0)
      sprockets-rails (~> 2.0.0)
    rails-i18n (0.7.4)
      i18n (~> 0.5)
    railties (4.0.0)
      actionpack (= 4.0.0)
      activesupport (= 4.0.0)
      rake (>= 0.8.7)
      thor (>= 0.18.1, < 2.0)
    rake (10.1.0)
    sass (3.2.9)
    sass-rails (4.0.0)
      railties (>= 4.0.0.beta, < 5.0)
      sass (>= 3.1.10)
      sprockets-rails (~> 2.0.0)
    sprockets (2.10.0)
      hike (~> 1.2)
      multi_json (~> 1.0)
      rack (~> 1.0)
      tilt (~> 1.1, != 1.3.0)
    sprockets-rails (2.0.0)
      actionpack (>= 3.0)
      activesupport (>= 3.0)
      sprockets (~> 2.8)
    thor (0.18.1)
    thread_safe (0.1.0)
      atomic
    tilt (1.4.1)
    treetop (1.4.14)
      polyglot
      polyglot (>= 0.3.1)
    truncate_html (0.9.2)
    tzinfo (0.3.37)
    uglifier (2.1.1)
      execjs (>= 0.3.0)
      multi_json (~> 1.0, >= 1.0.2)
    warden (1.2.1)
      rack (>= 1.0)
    will_paginate (3.0.4)

PLATFORMS
  ruby

DEPENDENCIES
  coffee-rails (~> 4.0.0)
  friendly_id!
  globalize3!
  jquery-rails (~> 3.0.1)
  jquery-ui-rails (~> 4.0.3)
  pg
  rails (~> 4.0.0)
  refinerycms!
  refinerycms-i18n!
  refinerycms-settings!
  routing-filter (~> 0.3.1)!
  sass-rails
  seo_meta!
  turbolinks (~> 1.2.0)!
  uglifier (>= 1.3.0)
